PATH
  remote: ~/projects/finagle/finagle-thrift/src/main/ruby/
  specs:
    finagle-thrift (1.3.1)

GEM
  remote: http://rubygems.org/
  specs:
    coderay (1.0.9)
    daemons (1.1.9)
    eventmachine (1.0.3)
    method_source (0.8.1)
    pry (0.9.12.2)
      coderay (~> 1.0.5)
      method_source (~> 0.8)
      slop (~> 3.4)
    rack (1.5.2)
    rack-client (0.4.2)
      rack (>= 1.0.0)
    rack-protection (1.5.0)
      rack
    rake (10.1.0)
    realweb (1.0.1)
      rack (>= 1.1.0)
    redis (3.0.4)
    scribe (0.2.4)
      rake
      thrift_client (~> 0.6)
    shotgun (0.9)
      rack (>= 1.0)
    sinatra (1.4.3)
      rack (~> 1.4)
      rack-protection (~> 1.4)
      tilt (~> 1.3, >= 1.3.4)
    slop (3.4.5)
    thin (1.5.1)
      daemons (>= 1.0.9)
      eventmachine (>= 0.12.6)
      rack (>= 1.0.0)
    thrift (0.9.0.1)
    thrift_client (0.9.2)
      thrift (~> 0.9.0)
    tilt (1.4.1)

PLATFORMS
  ruby

DEPENDENCIES
  finagle-thrift!
  pry
  rack
  rack-client
  rake
  realweb
  redis
  scribe
  shotgun
  sinatra
  thin
