PATH
  remote: ~/projects/finagle/finagle-thrift/src/main/ruby/
  specs:
    finagle-thrift (1.3.1)

GEM
  specs:
    coderay (1.0.9)
    daemons (1.0.10)
    eventmachine (0.12.10)
    method_source (0.8.1)
    pry (0.9.12.1)
      coderay (~> 1.0.5)
      method_source (~> 0.8)
      slop (~> 3.4)
    rack (1.4.5)
    rack-client (0.4.0)
      rack (>= 1.0.0)
    rack-protection (1.5.0)
      rack
    rake (10.0.4)
    scribe (0.2.4)
      rake
      thrift_client (~> 0.6)
    sinatra (1.3.6)
      rack (~> 1.4)
      rack-protection (~> 1.3)
      tilt (~> 1.3, >= 1.3.3)
    slop (3.4.4)
    thin (1.2.11)
      daemons (>= 1.0.9)
      eventmachine (>= 0.12.6)
      rack (>= 1.0.0)
    thrift (0.9.0.1)
    thrift_client (0.9.2)
      thrift (~> 0.9.0)
    tilt (1.4.1)

PLATFORMS
  ruby

DEPENDENCIES
  finagle-thrift!
  pry
  rack
  rack-client
  rake
  scribe
  sinatra
  thin
